GEM
  remote: https://rubygems.org/
  specs:
    addressable (2.3.6)
    buftok (0.2.0)
    celluloid (0.15.2)
      timers (~> 1.1.0)
    equalizer (0.0.9)
    faraday (0.9.0)
      multipart-post (>= 1.2, < 3)
    http (0.6.1)
      http_parser.rb (~> 0.6.0)
    http_parser.rb (0.6.0)
    http_parser.rb (0.6.0-java)
    jo (0.2.0-java)
    json (1.8.1)
    json (1.8.1-java)
    memoizable (0.4.2)
      thread_safe (~> 0.3, >= 0.3.1)
    multipart-post (2.0.0)
    naught (1.0.0)
    simple_oauth (0.2.0)
    thread_safe (0.3.4)
    thread_safe (0.3.4-java)
    timers (1.1.0)
    twitter (5.10.0)
      addressable (~> 2.3)
      buftok (~> 0.2.0)
      equalizer (~> 0.0.9)
      faraday (~> 0.9.0)
      http (~> 0.6.0)
      http_parser.rb (~> 0.6.0)
      json (~> 1.8)
      memoizable (~> 0.4.0)
      naught (~> 1.0)
      simple_oauth (~> 0.2.0)

PLATFORMS
  java

DEPENDENCIES
  celluloid (~> 0.15.2)
  jo (~> 0.2.0)
  twitter (~> 5.10.0)
